PATH
  remote: .
  specs:
    Minnesota_Agriculture (0.0.1)

GEM
  remote: https://rubygems.org/
  specs:
    diff-lcs (1.5.0)
    nokogiri (1.14.3-x86_64-linux)
      racc (~> 1.4)
    racc (1.6.2)
    rake (10.5.0)
    rspec (3.12.0)
      rspec-core (~> 3.12.0)
      rspec-expectations (~> 3.12.0)
      rspec-mocks (~> 3.12.0)
    rspec-core (3.12.1)
      rspec-support (~> 3.12.0)
    rspec-expectations (3.12.2)
      diff-lcs (>= 1.2.0, < 2.0)
      rspec-support (~> 3.12.0)
    rspec-mocks (3.12.5)
      diff-lcs (>= 1.2.0, < 2.0)
      rspec-support (~> 3.12.0)
    rspec-support (3.12.0)

PLATFORMS
  x86_64-linux

DEPENDENCIES
  Minnesota_Agriculture!
  bundler (~> 2.0)
  nokogiri
  rake (~> 10.0)
  rspec (~> 3.0)

BUNDLED WITH
   2.0.2
